GEM
  remote: http://rubygems.org/
  specs:
    activesupport (2.3.11)
    amqp (0.6.7)
      eventmachine (>= 0.12.4)
    beetle (0.2.11)
      activesupport (~> 2.3.4)
      amqp (>= 0.6.7)
      bunny (= 0.6.0)
      bunny-ext (>= 0.6.5)
      daemons (>= 1.0.10)
      redis (= 2.0.4)
      uuid4r (>= 0.1.1)
    bunny (0.6.0)
    bunny-ext (0.6.5)
      bunny (= 0.6.0)
    daemons (1.1.3)
    eventmachine (0.12.10)
    redis (2.0.4)
    uuid4r (0.1.1)

PLATFORMS
  ruby

DEPENDENCIES
  amqp (= 0.6.7)
  beetle (= 0.2.11)
